GEM
  remote: http://rubygems.org/
  specs:
    curb (0.7.8)
    json (1.4.6)
    mocha (0.9.8)
      rake
    nokogiri (1.4.3.1)
    rake (0.8.7)
    shoulda (2.11.3)
    xmpp4r (0.5)
    xmpp4r-simple (0.8.8)
      xmpp4r (>= 0.3.2)

PLATFORMS
  ruby

DEPENDENCIES
  curb
  json
  mocha
  nokogiri
  shoulda
  xmpp4r-simple (= 0.8.8)
