GEM
  remote: http://rubygems.org/
  specs:
    curb (0.7.15)
    json (1.6.0)
    metaclass (0.0.1)
    mocha (0.10.0)
      metaclass (~> 0.0.1)
    nokogiri (1.5.0)
    shoulda (2.11.3)
    xmpp4r (0.5)
    xmpp4r-simple (0.8.8)
      xmpp4r (>= 0.3.2)

PLATFORMS
  ruby

DEPENDENCIES
  curb
  json
  mocha
  nokogiri
  shoulda
  xmpp4r-simple (= 0.8.8)
